GEM
  remote: http://rubygems.org/
  specs:
    ffi (1.0.11)
    ffi-rzmq (0.9.0)

PLATFORMS
  ruby

DEPENDENCIES
  ffi
  ffi-rzmq
